{
    "TaskName": "FRESHMOTOR",
    "Manufacturer": "SNIRF",
    "PowerLineFrequency": "n/a",
    "SamplingFrequency": 8.928571428571429,
    "SoftwareFilters": "n/a",
    "RecordingDuration": 633.92,
    "RecordingType": "continuous",
    "EEGChannelCount": 0,
    "EOGChannelCount": 0,
    "ECGChannelCount": 0,
    "EMGChannelCount": 0,
    "MiscChannelCount": 0,
    "TriggerChannelCount": 0,
    "NIRSChannelCount": 136,
    "NIRSSourceOptodeCount": 14,
    "NIRSDetectorOptodeCount": 32
}
